[System]
Scanner=SkyScan2214
Instrument S/N=20C18017
Software Version=1.8
Home Directory=C:\SkyScan2214\SkyScan2214 User Software
Source Type=Hamamatsu L10711
Camera Type=FlatPanel: 2...50um, 140mm max.FOV
Camera Pixel Size (um)=74.800
Camera X/Y Ratio=1.0030
[User]
User Name=Skyscan4
Computer Name=ANAMIC05
[Acquisition]
Data Directory=D:\Results\Beckenboden Dea\Foetus02_Lugol_15pct_70d\proj
Filename Prefix=Foetus02
Number Of Files= 1471
Number Of Rows= 1944
Number Of Columns= 3072
Filename Index Length=8
Partial Width=OFF
Image crop origin X=0
Image crop origin Y=0
Camera binning=1x1
Image Rotation=0.18000
Optical Axis (line)= 1003
Object to Source (mm)=83.842
Camera to Source (mm)=313.563
Source Voltage (kV)=  80
Source Current (uA)= 120
Source Target Power (W)=7.68
Image Pixel Size (um)=20.000477
Scaled Image Pixel Size (um)=20.000477
Image Format=TIFF
Depth (bits)=16
Reference Intensity=58000
Exposure (ms)=900
Rotation Step (deg)=0.150
Use 360 Rotation=NO
High Aspect Ratio=NO
Scanning position=25.506 mm
Frame Averaging=OFF (5)
Flat Field Correction=ON
FF updating interval=211
Random Movement=OFF (40)
Filter=Al 1mm
Gantry direction=CW
Rotation Direction=CW
Intrinsic CS rotation in degree=0.0
Type of Detector Motion=STEP AND SHOOT
Scanning Trajectory=ROUND
Source Filament Type=W
Source spot size=Large
Suggested HU - Calibration=180000
Number Of Horizontal Offset Positions=1
Study Date and Time=10 Jan 2022  11h:27m:14s
Estimated Scan duration=1h:19m:51s
Scan duration=1h:18m:56s
Maximum vertical TS=1.0
Maximum horizontal TS=0.0
TS modified at=January10,11:42:10 ---  1471 of 1471 projections
TS modified according to=D:\Results\Beckenboden Dea\Foetus02_Lugol_15pct_70d\proj\Foetus02_2DTransform.csv
TS modified at level=3
[Reconstruction]
Reconstruction Program=NRecon
Program Version=Version: 2.1.0.1
Program Home Directory=C:\SkyScan2214\SkyScan2214 User Software
Reconstruction engine=GPUReconServer
Engine version=Version: 2.1.0
Reconstruction from batch=Yes
Postalignment Applied=1
Postalignment=4.50
Reconstructed using oversize-option=No
Reconstruction servers= ANAMIC05 
Dataset Origin=SkyScan2214
Dataset Prefix=Foetus02
Dataset Directory=D:\Results\Beckenboden Dea\Foetus02_Lugol_15pct_070d\proj
Output Directory=D:\Results\Beckenboden Dea\Foetus02_Lugol_15pct_070d\rec
Time and Date=17 Apr 2023  17h:57m:27s
First Section=2
Last Section=1942
Reconstruction duration per slice (seconds)=0.177228
Total reconstruction time (1941 slices) in seconds=344.000000
Heel Effect Correction On=0
Section to Section Step=1
Sections Count=1941
Result File Type=PNG
Result File Header Length (bytes)=Unknown: compressed JPG format (100%)
Result Image Width (pixels)=2196
Result Image Height (pixels)=2196
Pixel Size (um)=20.00048
Reconstruction Angular Range (deg)=220.65
Use 180+=OFF
Angular Step (deg)=0.1500
Smoothing=0
Ring Artifact Correction=1
Draw Scales=OFF
Object Bigger than FOV=OFF
Reconstruction from ROI=ON_ROUND
ROI Top (pixels)=2551
ROI Bottom (pixels)=352
ROI Left (pixels)=372
ROI Right (pixels)=2571
ROI reference length=3072
Filter cutoff relative to Nyquist frequency=100
Filter type=0
Filter type description=Hamming (Alpha=0.54)
Undersampling factor=1
Threshold for defect pixel mask (%)=0
Beam Hardening Correction (%)=0
CS Static Rotation (deg)=41.69
CS Static Rotation Total(deg)=41.69
Minimum for CS to Image Conversion=0.000000
Maximum for CS to Image Conversion=0.040000
HU Calibration=OFF
BMP LUT=0
Cone-beam Angle Horiz.(deg)=40.246902
Cone-beam Angle Vert.(deg)=26.108988
[File name convention]
Filename Index Length=8
Filename Prefix=Foetus02_rec
