[System]
Scanner=SkyScan2214
Instrument S/N=20C18017
Software Version=1.8
Home Directory=C:\SkyScan2214\SkyScan2214 User Software
Source Type=Hamamatsu L10711
Camera Type=FlatPanel: 2...50um, 140mm max.FOV
Camera Pixel Size (um)=74.800
Camera X/Y Ratio=1.0030
[User]
User Name=Skyscan4
Computer Name=ANAMIC05
[Acquisition]
Data Directory=D:\Results\Beckenboden Dea\Foetus02_Lugol_15pct_152d\proj_11um
Filename Prefix=Foetus02_Lugol_15pct_152d~01
Number Of Files= 3601
Number Of Rows= 1944
Number Of Columns= 3072
Filename Index Length=8
Partial Width=OFF
Image crop origin X=0
Image crop origin Y=0
Camera binning=1x1
Image Rotation=0.19000
Optical Axis (line)= 1003
Object to Source (mm)=46.111
Camera to Source (mm)=313.563
Source Voltage (kV)=  80
Source Current (uA)= 120
Source Target Power (W)=5.42
Image Pixel Size (um)=10.999632
Scaled Image Pixel Size (um)=10.999632
Image Format=TIFF
Depth (bits)=16
Reference Intensity=58000
Exposure (ms)=900
Rotation Step (deg)=0.100
Use 360 Rotation=YES
High Aspect Ratio=NO
Scanning position=27.359 mm
Frame Averaging=OFF (3)
Flat Field Correction=ON
FF updating interval=515
Random Movement=OFF (40)
Filter=Al 1mm
Gantry direction=CW
Rotation Direction=CW
Intrinsic CS rotation in degree=0.0
Type of Detector Motion=STEP AND SHOOT
Scanning Trajectory=ROUND
Number of connected scans=3
Current scan number=2
Number of lines to be reconstructed=1450
Source Filament Type=W
Source spot size=Large
Suggested HU - Calibration=180000
Number Of Horizontal Offset Positions=1
Study Date and Time=01 Apr 2022  19h:29m:45s
Estimated Scan duration=9h:9m:21s
Scan duration=3h:12m:40s
Maximum vertical TS=0.0
Maximum horizontal TS=1.0
TS modified at=April03,07:23:47 ---  3601 of 3601 projections
TS modified according to=D:\Results\Beckenboden Dea\Foetus02_Lugol_15pct_152d\proj_11um\Foetus02_Lugol_15pct_152d~01_2DTransform.csv
TS modified at level=3
[Reconstruction]
Pseudo-parallel projection calculated=1
