[System]
Scanner=SkyScan2214
Instrument S/N=20C18017
Software Version=1.8
Home Directory=C:\SkyScan2214\SkyScan2214 User Software
Source Type=Hamamatsu L10711
Camera Type=FlatPanel: 2...50um, 140mm max.FOV
Camera Pixel Size (um)=74.800
Camera X/Y Ratio=1.0030
[User]
User Name=Skyscan4
Computer Name=ANAMIC05
[Acquisition]
Data Directory=D:\Results\Beckenboden Dea\Foetus02_Lugol_15pct_108d\proj_11um
Filename Prefix=Foetus02~00
Number Of Files= 3601
Number Of Rows= 1944
Number Of Columns= 3072
Filename Index Length=8
Partial Width=OFF
Image crop origin X=0
Image crop origin Y=0
Camera binning=1x1
Image Rotation=0.19000
Optical Axis (line)= 1003
Object to Source (mm)=46.111
Camera to Source (mm)=313.563
Source Voltage (kV)=  80
Source Current (uA)= 120
Source Target Power (W)=5.82
Image Pixel Size (um)=10.999632
Scaled Image Pixel Size (um)=10.999632
Image Format=TIFF
Depth (bits)=16
Reference Intensity=58000
Exposure (ms)=900
Rotation Step (deg)=0.100
Use 360 Rotation=YES
High Aspect Ratio=NO
Scanning position=11.742 mm
Frame Averaging=OFF (5)
Flat Field Correction=ON
FF updating interval=515
Random Movement=OFF (40)
Filter=Al 1mm
Gantry direction=CW
Rotation Direction=CW
Intrinsic CS rotation in degree=0.0
Type of Detector Motion=STEP AND SHOOT
Scanning Trajectory=ROUND
Number of connected scans=3
Current scan number=1
Number of lines to be reconstructed=1359
Source Filament Type=W
Source spot size=Large
Suggested HU - Calibration=180000
Number Of Horizontal Offset Positions=1
Study Date and Time=17 Feb 2022  20h:17m:46s
Estimated Scan duration=9h:9m:21s
Scan duration=2h:59m:4s
Maximum vertical TS=5.0
[Reconstruction]
Reconstruction Program=NRecon
Program Version=Version: 2.1.0.1
Program Home Directory=C:\SkyScan2214\SkyScan2214 User Software
Reconstruction engine=GPUReconServer
Engine version=Version: 2.1.0
Reconstruction from batch=Yes
Postalignment Applied=1
Reconstructed using oversize-option=No
Connected Reconstruction (parts)=3
Oversize-option Bitmap=9
Sub-scan post alignment [0]=19.000000
Sub-scan post alignment [1]=8.500000
Sub-scan post alignment [2]=-1.500000
Sub-scan scan length [0]=1358
Sub-scan scan length [1]=1359
Sub-scan scan length [2]=1359
Reconstruction servers= ANAMIC05 
Dataset Origin=SkyScan2214
Dataset Prefix=Foetus02~02
Dataset Directory=D:\Results\Beckenboden Dea\Foetus02_Lugol_15pct_108d\proj_11um
Output Directory=D:\Results\Beckenboden Dea\Foetus02_Lugol_15pct_108d\rec_11um
Time and Date=04 Apr 2022  15h:19m:19s
First Section=435
Last Section=4236
Reconstruction duration per slice (seconds)=0.561651
Total reconstruction time (3901 slices) in seconds=2191.000000
Heel Effect Correction On=0
Section to Section Step=1
Sections Count=3802
Result File Type=PNG
Result File Header Length (bytes)=Unknown: compressed JPG format (100%)
Result Image Width (pixels)=3072
Result Image Height (pixels)=3072
Pixel Size (um)=10.99963
Reconstruction Angular Range (deg)=360.00
Use 180+=OFF
Angular Step (deg)=0.1000
Smoothing=0
Ring Artifact Correction=0
Draw Scales=OFF
Object Bigger than FOV=OFF
Reconstruction from ROI=OFF
Filter cutoff relative to Nyquist frequency=100
Filter type=0
Filter type description=Hamming (Alpha=0.54)
Undersampling factor=1
Threshold for defect pixel mask (%)=0
Beam Hardening Correction (%)=0
CS Static Rotation (deg)=115.77
CS Static Rotation Total(deg)=115.77
Minimum for CS to Image Conversion=0.000000
Maximum for CS to Image Conversion=0.055000
HU Calibration=OFF
BMP LUT=0
Cone-beam Angle Horiz.(deg)=40.246468
Cone-beam Angle Vert.(deg)=26.108696
Sub-Scan 0 ends at slice=1661
Sub-Scan 1 ends at slice=3020
Sub-Scan 2 ends at slice=4337
Automatic Matching In Z=50
Automatic Matching In X/Y=0
Automatic Matching In Rotation=0.000000
Automatic Fusion=1
Automatic Heel Effect Correction=0
[File name convention]
Filename Index Length=8
Filename Prefix=Foetus02_rec
