[System]
Scanner=SkyScan2214
Instrument S/N=20C18017
Software Version=1.8
Home Directory=C:\SkyScan2214\SkyScan2214 User Software
Source Type=Hamamatsu L10711
Camera Type=FlatPanel: 2...50um, 140mm max.FOV
Camera Pixel Size (um)=74.800
Camera X/Y Ratio=1.0030
[User]
User Name=Skyscan4
Computer Name=ANAMIC05
[Acquisition]
Data Directory=D:\Results\Beckenboden Dea\Mouse01_Lugol_15pct_20230510\proj_09um
Filename Prefix=Mouse01~00
Number Of Files= 2205
Number Of Rows= 1944
Number Of Columns= 3072
Filename Index Length=8
Partial Width=OFF
Image crop origin X=0
Image crop origin Y=0
Camera binning=1x1
Image Rotation=0.18000
Optical Axis (line)= 1003
Object to Source (mm)=37.729
Camera to Source (mm)=313.563
Source Voltage (kV)=  60
Source Current (uA)= 140
Source Target Power (W)=2.74
Image Pixel Size (um)=9.000117
Scaled Image Pixel Size (um)=9.000117
Image Format=TIFF
Depth (bits)=16
Reference Intensity=58000
Exposure (ms)=1482
Rotation Step (deg)=0.100
Use 360 Rotation=NO
High Aspect Ratio=NO
Scanning position=32.179 mm
Frame Averaging=OFF (5)
Flat Field Correction=ON
FF updating interval=315
Random Movement=OFF (40)
Filter=No Filter
Gantry direction=CW
Rotation Direction=CW
Intrinsic CS rotation in degree=0.0
Type of Detector Motion=STEP AND SHOOT
Scanning Trajectory=ROUND
Number of connected scans=2
Current scan number=1
Number of lines to be reconstructed=1511
Source Filament Type=W
Source spot size=Mid
Suggested HU - Calibration=180000
Number Of Horizontal Offset Positions=1
Study Date and Time=10 May 2023  13h:10m:00s
Estimated Scan duration=4h:45m:20s
Scan duration=2h:40m:49s
Maximum vertical TS=5.0
[Reconstruction]
Reconstruction Program=NRecon
Program Version=Version: 2.1.0.1
Program Home Directory=C:\SkyScan2214\SkyScan2214 User Software
Reconstruction engine=GPUReconServer
Engine version=Version: 2.1.0
Reconstruction from batch=Yes
Postalignment Applied=1
Reconstructed using oversize-option=No
Connected Reconstruction (parts)=2
Oversize-option Bitmap=9
Sub-scan post alignment [0]=22.000000
Sub-scan post alignment [1]=9.500000
Sub-scan scan length [0]=1508
Sub-scan scan length [1]=1511
Reconstruction servers= ANAMIC05 
Dataset Origin=SkyScan2214
Dataset Prefix=Mouse01~01
Dataset Directory=D:\Results\Beckenboden Dea\Mouse01_Lugol_15pct_20230510\proj_09um
Output Directory=D:\Results\Beckenboden Dea\Mouse01_Lugol_15pct_20230510\rec_09um
Time and Date=10 May 2023  21h:45m:20s
First Section=345
Last Section=3339
Reconstruction duration per slice (seconds)=0.312743
Total reconstruction time (3092 slices) in seconds=967.000000
Heel Effect Correction On=0
Section to Section Step=1
Sections Count=2995
Result File Type=PNG
Result File Header Length (bytes)=Unknown: compressed JPG format (100%)
Result Image Width (pixels)=3072
Result Image Height (pixels)=3072
Pixel Size (um)=9.00012
Reconstruction Angular Range (deg)=220.50
Use 180+=OFF
Angular Step (deg)=0.1000
Smoothing=0
Ring Artifact Correction=0
Draw Scales=OFF
Object Bigger than FOV=OFF
Reconstruction from ROI=OFF
Filter cutoff relative to Nyquist frequency=100
Filter type=0
Filter type description=Hamming (Alpha=0.54)
Undersampling factor=1
Threshold for defect pixel mask (%)=0
Beam Hardening Correction (%)=0
CS Static Rotation (deg)=54.23
CS Static Rotation Total(deg)=54.23
Minimum for CS to Image Conversion=0.000000
Maximum for CS to Image Conversion=0.151022
HU Calibration=OFF
BMP LUT=0
Cone-beam Angle Horiz.(deg)=40.246403
Cone-beam Angle Vert.(deg)=26.108650
Sub-Scan 0 ends at slice=1736
Sub-Scan 1 ends at slice=3128
Automatic Matching In Z=50
Automatic Matching In X/Y=0
Automatic Matching In Rotation=0.000000
Automatic Fusion=1
Automatic Heel Effect Correction=0
[File name convention]
Filename Index Length=8
Filename Prefix=Mouse01_rec
