[System]
Scanner=SkyScan2214
Instrument S/N=20C18017
Software Version=1.8
Home Directory=C:\SkyScan2214\SkyScan2214 User Software
Source Type=Hamamatsu L10711
Camera Type=FlatPanel: 2...50um, 140mm max.FOV
Camera Pixel Size (um)=74.800
Camera X/Y Ratio=1.0030
[User]
User Name=Skyscan4
Computer Name=ANAMIC05
[Acquisition]
Data Directory=D:\Results\Beckenboden Dea\Mouse01_Lugol_15pct_20221209\proj
Filename Prefix=Mouse01
Number Of Files= 2205
Number Of Rows= 1944
Number Of Columns= 2457
Filename Index Length=8
Partial Width= 80%
Image crop origin X=0
Image crop origin Y=0
Camera binning=1x1
Image Rotation=0.18000
Optical Axis (line)= 1003
Object to Source (mm)=62.881
Camera to Source (mm)=313.563
Source Voltage (kV)=  60
Source Current (uA)= 140
Source Target Power (W)=5.03
Image Pixel Size (um)=15.000176
Scaled Image Pixel Size (um)=15.000176
Image Format=TIFF
Depth (bits)=16
Reference Intensity=58000
Exposure (ms)=705
Rotation Step (deg)=0.100
Use 360 Rotation=NO
High Aspect Ratio=NO
Scanning position=51.000 mm
Frame Averaging=OFF (5)
Flat Field Correction=ON
FF updating interval=315
Random Movement=OFF (40)
Filter=No Filter
Gantry direction=CW
Rotation Direction=CW
Intrinsic CS rotation in degree=0.0
Type of Detector Motion=STEP AND SHOOT
Scanning Trajectory=ROUND
Source Filament Type=W
Source spot size=Large
Suggested HU - Calibration=180000
Number Of Horizontal Offset Positions=1
Study Date and Time=09 Dec 2022  11h:03m:12s
Estimated Scan duration=1h:52m:6s
Scan duration=1h:36m:36s
Maximum vertical TS=1.0
Maximum horizontal TS=2.0
TS modified at=December09,11:42:35 ---  2205 of 2205 projections
TS modified according to=D:\Results\Beckenboden Dea\Mouse01_Lugol_15pct_20221209\proj\Mouse01_2DTransform.csv
TS modified at level=3
[Reconstruction]
Reconstruction Program=NRecon
Program Version=Version: 2.1.0.1
Program Home Directory=C:\SkyScan2214\SkyScan2214 User Software
Reconstruction engine=GPUReconServer
Engine version=Version: 2.1.0
Reconstruction from batch=Yes
Postalignment Applied=1
Postalignment=10.00
Reconstructed using oversize-option=No
Reconstruction servers= ANAMIC05 
Dataset Origin=SkyScan2214
Dataset Prefix=Mouse01
Dataset Directory=D:\Results\Beckenboden Dea\Mouse01_Lugol_15pct_20221209\proj
Output Directory=D:\Results\Beckenboden Dea\Mouse01_Lugol_15pct_20221209\rec
Time and Date=18 Apr 2023  18h:37m:35s
First Section=2
Last Section=1942
Reconstruction duration per slice (seconds)=0.198867
Total reconstruction time (1941 slices) in seconds=386.000000
Heel Effect Correction On=0
Section to Section Step=1
Sections Count=1941
Result File Type=PNG
Result File Header Length (bytes)=Unknown: compressed JPG format (100%)
Result Image Width (pixels)=1944
Result Image Height (pixels)=1944
Pixel Size (um)=15.00018
Reconstruction Angular Range (deg)=220.50
Use 180+=OFF
Angular Step (deg)=0.1000
Smoothing=0
Ring Artifact Correction=1
Draw Scales=OFF
Object Bigger than FOV=OFF
Reconstruction from ROI=ON
ROI Top (pixels)=2017
ROI Bottom (pixels)=73
ROI Left (pixels)=275
ROI Right (pixels)=2219
ROI reference length=2457
Filter cutoff relative to Nyquist frequency=100
Filter type=0
Filter type description=Hamming (Alpha=0.54)
Undersampling factor=1
Threshold for defect pixel mask (%)=0
Beam Hardening Correction (%)=0
CS Static Rotation (deg)=16.15
CS Static Rotation Total(deg)=16.15
Minimum for CS to Image Conversion=0.000000
Maximum for CS to Image Conversion=0.100000
HU Calibration=OFF
BMP LUT=0
Cone-beam Angle Horiz.(deg)=32.667183
Cone-beam Angle Vert.(deg)=26.108887
[File name convention]
Filename Index Length=8
Filename Prefix=Mouse01_rec
