[System]
Scanner=SkyScan2214
Instrument S/N=20C18017
Software Version=1.8
Home Directory=C:\SkyScan2214\SkyScan2214 User Software
Source Type=Hamamatsu L10711
Camera Type=FlatPanel: 2...50um, 140mm max.FOV
Camera Pixel Size (um)=74.800
Camera X/Y Ratio=1.0030
[User]
User Name=Skyscan4
Computer Name=ANAMIC05
[Acquisition]
Data Directory=D:\Results\Beckenboden Dea\Foetus01\Becken_09um\proj
Filename Prefix=Foetus01
Number Of Files= 1765
Number Of Rows= 1944
Number Of Columns= 3072
Filename Index Length=8
Partial Width=OFF
Image crop origin X=0
Image crop origin Y=0
Camera binning=1x1
Image Rotation=0.18000
Optical Axis (line)= 1003
Object to Source (mm)=37.729
Camera to Source (mm)=313.563
Source Voltage (kV)=  90
Source Current (uA)= 120
Source Target Power (W)=8.59
Image Pixel Size (um)=9.000117
Scaled Image Pixel Size (um)=9.000117
Image Format=TIFF
Depth (bits)=16
Reference Intensity=58000
Exposure (ms)=706
Rotation Step (deg)=0.125
Use 360 Rotation=NO
High Aspect Ratio=NO
Scanning position=12.000 mm
Frame Averaging=OFF (4)
Flat Field Correction=ON
FF updating interval=253
Random Movement=OFF (40)
Filter=No Filter
Gantry direction=CW
Rotation Direction=CW
Intrinsic CS rotation in degree=0.0
Type of Detector Motion=STEP AND SHOOT
Scanning Trajectory=ROUND
Source Filament Type=W
Source spot size=Large
Suggested HU - Calibration=180000
Number Of Horizontal Offset Positions=1
Study Date and Time=22 Oct 2021  15h:13m:10s
Estimated Scan duration=1h:29m:43s
Scan duration=1h:21m:15s
Maximum vertical TS=10.0
Maximum horizontal TS=4.0
TS modified at=October22,15:44:59 ---  1765 of 1765 projections
TS modified according to=D:\Results\Beckenboden Dea\Foetus01\Becken_09um\proj\Foetus01_2DTransform.csv
TS modified at level=3
[Reconstruction]
Reconstruction Program=NRecon
Program Version=Version: 2.1.0.1
Program Home Directory=C:\SkyScan2214\SkyScan2214 User Software
Reconstruction engine=GPUReconServer
Engine version=Version: 2.1.0
Reconstruction from batch=Yes
Postalignment Applied=1
Postalignment=100.50
Reconstructed using oversize-option=No
Reconstruction servers= ANAMIC05 
Dataset Origin=SkyScan2214
Dataset Prefix=Foetus01
Dataset Directory=D:\Results\Beckenboden Dea\Foetus01\Becken_09um\proj
Output Directory=D:\Results\Beckenboden Dea\Foetus01\Becken_09um\rec
Time and Date=22 Oct 2021  16h:04m:14s
First Section=2
Last Section=1942
Reconstruction duration per slice (seconds)=0.229778
Total reconstruction time (1941 slices) in seconds=446.000000
Heel Effect Correction On=0
Section to Section Step=1
Sections Count=1941
Result File Type=PNG
Result File Header Length (bytes)=Unknown: compressed JPG format (100%)
Result Image Width (pixels)=3072
Result Image Height (pixels)=3072
Pixel Size (um)=9.00012
Reconstruction Angular Range (deg)=220.63
Use 180+=OFF
Angular Step (deg)=0.1250
Smoothing=0
Ring Artifact Correction=0
Draw Scales=OFF
Object Bigger than FOV=OFF
Reconstruction from ROI=OFF
Filter cutoff relative to Nyquist frequency=100
Filter type=0
Filter type description=Hamming (Alpha=0.54)
Undersampling factor=1
Threshold for defect pixel mask (%)=0
Beam Hardening Correction (%)=0
CS Static Rotation (deg)=-65.22
CS Static Rotation Total(deg)=-65.22
Minimum for CS to Image Conversion=0.000000
Maximum for CS to Image Conversion=0.369236
HU Calibration=OFF
BMP LUT=0
Cone-beam Angle Horiz.(deg)=40.246403
Cone-beam Angle Vert.(deg)=26.108650
[File name convention]
Filename Index Length=8
Filename Prefix=Foetus01_rec
