[System]
Scanner=Skyscan1172
Instrument S/N=12O01199
Hardware version=F
Software=Version 1. 5 (build 26)
Home directory=c:\SkyScan1172F_11MP_Hamamatsu
Source Type=Hamamatsu 100/250
Camera=Hamamatsu C9300 11Mp camera
Camera Pixel Size (um)=    8.80
CameraXYRatio=0.9927
Incl.in lifting (um/mm)=3.0875
[User]
User Name=khoma
Computer Name=ANAKLIN18
[Disk Errors]
Read=0
Write=0
Recovered from empty=0
[Acquisition]
Data directory=D:\doc\Results\Embrios\embrio_ta361_22um_nof\proj
Filename Prefix=embrio_ta361_22um_nof
Configuration=D:\doc\Results\Configurations\2018-04-27\2018-04-27
Number of Files= 1030
Source Voltage (kV)=  49
Source Current (uA)= 167
Number of Rows=  668
Number of Columns= 1984
Image crop origin X=   0
Image crop origin Y=0
Camera binning=4x4
Image Rotation=0.2300
Gantry direction=CC
Compensation of difference in offset images=ON
Number of connected scans=    4
Number of lines to be reconstructed=  462
Image Pixel Size (um)=   22.03
Object to Source (mm)=173.560
Camera to Source (mm)=277.409
Vertical Object Position (mm)=12.315
Optical Axis (line)= 371
Filter=No Filter
Image Format=TIFF
Depth (bits)=16
Screen LUT=0
Exposure (ms)=   105
Rotation Step (deg)=0.350
Frame Averaging=ON (3)
Random Movement=OFF (3)
Use 360 Rotation=YES
Geometrical Correction=ON
Camera Offset=ON
Median Filtering=ON
Flat Field Correction=ON
Rotation Direction=CC
Scanning Trajectory=ROUND
Type Of Motion=STEP AND SHOOT
Study Date and Time=Sep 06, 2018  19:40:20
Scan duration=00:39:30
[Reconstruction]
Reconstruction Program=NRecon
Program Version=Version: 1.6.10.2
Program Home Directory=C:\SkyScan1172F_11MP_Hamamatsu
Reconstruction engine=GPUReconServer
Engine version=Version: 1.6.10
Reconstruction from batch=No
Postalignment=-3.80
Connected Reconstruction (parts)=4
Sub-scan post alignment [0]=-3.300000
Sub-scan post alignment [1]=-3.800000
Sub-scan post alignment [2]=-4.800000
Sub-scan post alignment [3]=-3.800000
Sub-scan scan length [0]=459
Sub-scan scan length [1]=460
Sub-scan scan length [2]=460
Sub-scan scan length [3]=462
Used extra rotation per scan(deg)= 0.000  0.000  0.000  0.000 
Used extra shift in X per scan(micron)= 0.000  10.194  -0.258  8.887 
Used extra shift in Y per scan(micron)= 0.000  10.530  0.777  9.454 
Reconstruction servers= ANAKLIN18 
Dataset Origin=Skyscan1172
Dataset Prefix=embrio_ta361_22um_nof~03
Dataset Directory=D:\doc\Results\Embrios\embrio_ta361_22um_nof\proj
Output Directory=D:\doc\Results\Embrios\embrio_ta361_22um_nof\rec
Time and Date=Sep 07, 2018  12:53:23
First Section=46
Last Section=2016
Reconstruction duration per slice (seconds)=4.598551
Total reconstruction time (1380 slices) in seconds=6346.000000
Section to Section Step=1
Sections Count=1971
Result File Type=PNG
Result File Header Length (bytes)=Unknown: compressed JPG format (100%)
Result Image Width (pixels)=1984
Result Image Height (pixels)=1984
Pixel Size (um)=22.02934
Reconstruction Angular Range (deg)=360.15
Use 180+=OFF
Angular Step (deg)=0.3500
Smoothing=1
Smoothing kernel=0 (Asymmetrical boxcar)
Ring Artifact Correction=4
Draw Scales=OFF
Object Bigger than FOV=OFF
Reconstruction from ROI=OFF
Filter cutoff relative to Nyquist frequency=100
Filter type=0
Filter type description=Hamming (Alpha=0.54)
Undersampling factor=1
Threshold for defect pixel mask (%)=0
Beam Hardening Correction (%)=50
CS Static Rotation (deg)=0.00
Minimum for CS to Image Conversion=0.000000
Maximum for CS to Image Conversion=0.140000
HU Calibration=OFF
BMP LUT=0
Cone-beam Angle Horiz.(deg)=14.352806
Cone-beam Angle Vert.(deg)=4.855021
