[System]
Scanner=Skyscan1172
Instrument S/N=12O01199
Hardware version=F
Software=Version 1. 5 (build 26)
Home directory=c:\SkyScan1172F_11MP_Hamamatsu
Source Type=Hamamatsu 100/250
Camera=Hamamatsu C9300 11Mp camera
Camera Pixel Size (um)=    8.80
CameraXYRatio=0.9927
Incl.in lifting (um/mm)=3.0875
[User]
User Name=khoma
Computer Name=ANAKLIN18
[Acquisition]
Data directory=D:\doc\Results\Embrios\embrio_ta361_22um_nof\proj
Filename Prefix=embrio_ta361_22um_nof~01
Configuration=D:\doc\Results\Configurations\2018-04-27\2018-04-27
Number of Files= 1030
Source Voltage (kV)=  49
Source Current (uA)= 167
Number of Rows=  668
Number of Columns= 1984
Image crop origin X=   0
Image crop origin Y=0
Camera binning=4x4
Image Rotation=0.2300
Gantry direction=CC
Compensation of difference in offset images=ON
Number of connected scans=    4
Number of lines to be reconstructed=  462
Image Pixel Size (um)=   22.03
Object to Source (mm)=173.560
Camera to Source (mm)=277.409
Vertical Object Position (mm)=32.523
Optical Axis (line)= 371
Filter=No Filter
Image Format=TIFF
Depth (bits)=16
Screen LUT=0
Exposure (ms)=   105
Rotation Step (deg)=0.350
Frame Averaging=ON (3)
Random Movement=OFF (3)
Use 360 Rotation=YES
Geometrical Correction=ON
Camera Offset=ON
Median Filtering=ON
Flat Field Correction=ON
Rotation Direction=CC
Scanning Trajectory=ROUND
Type Of Motion=STEP AND SHOOT
Study Date and Time=Sep 06, 2018  18:19:58
Scan duration=00:39:04
Extra Image Shift In X suggested (micron)=10.193775
Extra Image Shift In Y suggested (micron)=10.529770
Extra CS Rotation suggested (deg)=0.000000
[Reconstruction]
Pseudo-parallel projection calculated=1
